PATH
  remote: .
  specs:
    async-slack (0.1.0)
      async-rest
      async-websocket

GEM
  remote: https://rubygems.org/
  specs:
    ast (2.4.0)
    async (1.19.0)
      console (~> 1.0)
      nio4r (~> 2.3)
      timers (~> 4.1)
    async-http (0.45.8)
      async (~> 1.19)
      async-io (~> 1.18)
      protocol-http (~> 0.8.0)
      protocol-http1 (~> 0.8.0)
      protocol-http2 (~> 0.8.0)
    async-io (1.23.1)
      async (~> 1.14)
    async-rest (0.9.0)
      async-http (~> 0.42)
      protocol-http (~> 0.7)
    async-rspec (1.12.2)
      rspec (~> 3.0)
    async-websocket (0.12.1)
      async-http (~> 0.43)
      async-io (~> 1.23)
      protocol-websocket (~> 0.6.0)
    console (1.3.2)
    covered (0.13.1)
      async-rest
      console (~> 1.0)
      msgpack
      parser
    diff-lcs (1.3)
    msgpack (1.3.0)
    nio4r (2.3.1)
    parser (2.6.3.0)
      ast (~> 2.4.0)
    protocol-hpack (1.4.1)
    protocol-http (0.8.1)
    protocol-http1 (0.8.0)
      protocol-http (~> 0.5)
    protocol-http2 (0.8.2)
      protocol-hpack (~> 1.4)
      protocol-http (~> 0.2)
    protocol-websocket (0.6.1)
      protocol-http (~> 0.2)
      protocol-http1 (~> 0.2)
    rake (10.5.0)
    rspec (3.8.0)
      rspec-core (~> 3.8.0)
      rspec-expectations (~> 3.8.0)
      rspec-mocks (~> 3.8.0)
    rspec-core (3.8.1)
      rspec-support (~> 3.8.0)
    rspec-expectations (3.8.4)
      diff-lcs (>= 1.2.0, < 2.0)
      rspec-support (~> 3.8.0)
    rspec-mocks (3.8.1)
      diff-lcs (>= 1.2.0, < 2.0)
      rspec-support (~> 3.8.0)
    rspec-support (3.8.2)
    timers (4.3.0)

PLATFORMS
  ruby

DEPENDENCIES
  async-rspec
  async-slack!
  bundler
  covered
  rake (~> 10.0)
  rspec (~> 3.0)

BUNDLED WITH
   2.0.1
